GEM
  remote: https://rubygems.org/
  specs:
    ffi (1.15.5)
    fileutils (1.6.0)
    redcarpet (3.5.1)
    sassc (2.4.0)
      ffi (~> 1.9)
    tilt (2.0.11)
    tilt-sassc (0.2.0)
      sassc (~> 2.0)
      tilt (~> 2.0)

PLATFORMS
  x86_64-linux

DEPENDENCIES
  fileutils
  redcarpet
  sassc
  tilt
  tilt-sassc

BUNDLED WITH
   2.3.5
